GEM
  remote: https://rubygems.org/
  specs:
    coderay (1.1.0)
    genius (0.1.1)
      httparty (~> 0.11.0)
    httparty (0.11.0)
      multi_json (~> 1.0)
      multi_xml (>= 0.5.2)
    json (1.8.3)
    method_source (0.8.2)
    multi_json (1.11.2)
    multi_xml (0.5.5)
    pry (0.10.1)
      coderay (~> 1.1.0)
      method_source (~> 0.8.1)
      slop (~> 3.4)
    slop (3.6.0)

PLATFORMS
  ruby

DEPENDENCIES
  genius (~> 0.1.1)
  json (~> 1.8.3)
  pry

BUNDLED WITH
   1.10.6
